GEM
  remote: https://rubygems.org/
  specs:
    ast (2.2.0)
    childprocess (0.5.9)
      ffi (~> 1.0, >= 1.0.11)
    ffi (1.9.10)
    gauge-ruby (0.2.0)
      method_source (~> 0.8.2)
      os (= 0.9.6)
      parser (~> 2.3)
      ruby-protocol-buffers (= 1.5.1)
    method_source (0.8.2)
    multi_json (1.11.2)
    os (0.9.6)
    parser (2.3.0.7)
      ast (~> 2.2)
    power_assert (0.2.7)
    ruby-protocol-buffers (1.5.1)
    rubyzip (1.1.7)
    selenium-webdriver (2.50.0)
      childprocess (~> 0.5)
      multi_json (~> 1.0)
      rubyzip (~> 1.0)
      websocket (~> 1.0)
    test-unit (3.0.9)
      power_assert
    websocket (1.2.2)

PLATFORMS
  ruby

DEPENDENCIES
  gauge-ruby (~> 0.2.0)
  selenium-webdriver (~> 2.50.0)
  test-unit (~> 3.0.9)

BUNDLED WITH
   1.11.2
